GEM
  remote: http://rubygems.org/
  specs:
    eventmachine (1.0.3)
    json (1.7.7)

PLATFORMS
  ruby

DEPENDENCIES
  eventmachine
  json
